PATH
  remote: .
  specs:
    kompo (0.1.0)

GEM
  remote: https://rubygems.org/
  specs:
    rake (13.1.0)

PLATFORMS
  aarch64-linux
  arm64-darwin-23

DEPENDENCIES
  kompo!
  rake (~> 13.0)

BUNDLED WITH
   2.4.10
